PATH
  remote: .
  specs:
    crate (0.2.2)
      amalgalite (= 0.8.0)
      configuration (= 1.3.4)
      flexmock (= 0.8.2)
      logging (= 0.9.7)
      minitar (= 0.6)

GEM
  remote: https://rubygems.org/
  specs:
    amalgalite (0.8.0)
      arrayfields (>= 4.7.0)
      configuration (>= 0.0.5)
    arrayfields (4.9.2)
    configuration (1.3.4)
    flexmock (0.8.2)
    lockfile (2.1.3)
    logging (0.9.7)
      flexmock (>= 0.8.2)
      lockfile (>= 1.4.3)
    minitar (0.6)

PLATFORMS
  ruby

DEPENDENCIES
  bundler (= 1.0.15)
  crate!
