PATH
  remote: .
  specs:
    crate (0.2.2)
      amalgalite (~> 0.8)
      archive-tar-minitar
      configuration (~> 0.0.5)
      logging (~> 0.9)
      rake (~> 0.8.3)

GEM
  remote: https://rubygems.org/
  specs:
    amalgalite (0.15.0)
      arrayfields (~> 4.7.0)
      fastercsv (~> 1.5.3)
    archive-tar-minitar (0.5.2)
    arrayfields (4.7.4)
    configuration (0.0.5)
    fastercsv (1.5.5)
    flexmock (1.3.3)
    lockfile (2.1.3)
    logging (0.9.8)
      flexmock (>= 0.8.2)
      lockfile (>= 1.4.3)
    rake (0.8.7)

PLATFORMS
  ruby

DEPENDENCIES
  bundler (~> 1.6)
  crate!
  rake
